GEM
  remote: https://rubygems.org/
  specs:
    highline (1.7.1)
    rake (10.4.2)
    ruby-ole (1.2.11.8)
    spreadsheet (1.0.3)
      ruby-ole (>= 1.0)

PLATFORMS
  ruby

DEPENDENCIES
  highline
  rake
  spreadsheet
